GEM
  remote: https://rubygems.org/
  specs:
    ast (2.4.0)
    awesome_print (1.8.0)
    backports (3.15.0)
    builder (3.2.3)
    calabash-android (0.9.11)
      awesome_print (~> 1.2)
      cucumber
      escape (~> 0.0.4)
      httpclient (>= 2.7.1, < 3.0)
      json
      rubyzip (>= 1.2.2, < 1.3)
      slowhandcuke (~> 0.0.3)
    calabash-cucumber (0.21.10)
      awesome_print
      clipboard (~> 1.0)
      cucumber
      edn (>= 1.0.6, < 2.0)
      geocoder (>= 1.1.8, < 2.0)
      httpclient (>= 2.7.1, < 3.0)
      json
      run_loop (>= 4.2, < 5.0)
      slowhandcuke (~> 0.0.3)
    clipboard (1.3.3)
    command_runner_ng (0.1.4)
    concurrent-ruby (1.1.5)
    cucumber (3.1.2)
      builder (>= 2.1.2)
      cucumber-core (~> 3.2.0)
      cucumber-expressions (~> 6.0.1)
      cucumber-wire (~> 0.0.1)
      diff-lcs (~> 1.3)
      gherkin (~> 5.1.0)
      multi_json (>= 1.7.5, < 2.0)
      multi_test (>= 0.1.2)
    cucumber-core (3.2.1)
      backports (>= 3.8.0)
      cucumber-tag_expressions (~> 1.1.0)
      gherkin (~> 5.0)
    cucumber-expressions (6.0.1)
    cucumber-tag_expressions (1.1.1)
    cucumber-wire (0.0.1)
    diff-lcs (1.3)
    edn (1.1.1)
    escape (0.0.4)
    geocoder (1.5.1)
    gherkin (5.1.0)
    httpclient (2.8.3)
    i18n (0.9.5)
      concurrent-ruby (~> 1.0)
    jaro_winkler (1.5.3)
    json (2.2.0)
    multi_json (1.13.1)
    multi_test (0.1.2)
    parallel (1.17.0)
    parser (2.6.3.0)
      ast (~> 2.4.0)
    rainbow (3.0.0)
    rake (12.3.2)
    rubocop (0.72.0)
      jaro_winkler (~> 1.5.1)
      parallel (~> 1.10)
      parser (>= 2.6)
      rainbow (>= 2.2.2, < 4.0)
      ruby-progressbar (~> 1.7)
      unicode-display_width (>= 1.4.0, < 1.7)
    ruby-progressbar (1.10.1)
    rubyzip (1.2.3)
    run_loop (4.2.2)
      awesome_print (~> 1.8)
      command_runner_ng (>= 0.1.4, < 1.0)
      httpclient (>= 2.7.1, < 3.0)
      i18n (>= 0.7.0, < 1.0)
      json
      thor (>= 0.20.0, < 1.0)
    slowhandcuke (0.0.3)
      cucumber
    thor (0.20.3)
    unicode-display_width (1.6.0)

PLATFORMS
  ruby

DEPENDENCIES
  calabash-android
  calabash-cucumber
  rake
  rubocop
